NUGET
  remote: https://nuget.org/api/v2
  specs:
    FAKE (4.25.5)
    NuGet.CommandLine (3.4.3)
